GEM
  remote: https://rubygems.org/
  specs:
    base64 (0.2.0)
    drb-websocket (0.5.1)
      faye-websocket
      puma
      rack
    eventmachine (1.2.7)
    faye-websocket (0.11.3)
      eventmachine (>= 0.12.0)
      websocket-driver (>= 0.5.1)
    nio4r (2.7.4)
    puma (6.5.0)
      nio4r (~> 2.0)
    rack (3.1.8)
    rackup (2.2.1)
      rack (>= 3)
    websocket-driver (0.7.7)
      base64
      websocket-extensions (>= 0.1.0)
    websocket-extensions (0.1.5)

PLATFORMS
  arm64-darwin-23
  ruby

DEPENDENCIES
  drb-websocket
  puma
  rackup

BUNDLED WITH
   2.5.22
