PATH
  remote: .
  specs:
    wasm_drb (0.1.0)
      js (~> 2.7)
      ruby_wasm (~> 2.7)

GEM
  remote: https://rubygems.org/
  specs:
    date (3.4.1)
    io-console (0.8.0)
    irb (1.15.1)
      pp (>= 0.6.0)
      rdoc (>= 4.0.0)
      reline (>= 0.4.2)
    js (2.7.1)
    pp (0.6.2)
      prettyprint
    prettyprint (0.2.0)
    psych (5.2.3)
      date
      stringio
    rake (13.2.1)
    rdoc (6.12.0)
      psych (>= 4.0.0)
    reline (0.6.0)
      io-console (~> 0.5)
    ruby_wasm (2.7.1-arm64-darwin)
    stringio (3.1.5)

PLATFORMS
  arm64-darwin-23
  ruby

DEPENDENCIES
  irb
  rake (~> 13.0)
  wasm_drb!

BUNDLED WITH
   2.6.5
