GEM
  remote: https://rubygems.org/
  specs:
    js (2.7.1)
    ruby_wasm (2.7.1)
    ruby_wasm (2.7.1-arm64-darwin)
    wasm_drb (0.1.2)
      js (~> 2.7)
      ruby_wasm (~> 2.7)

PLATFORMS
  arm64-darwin-23
  ruby

DEPENDENCIES
  js
  ruby_wasm
  wasm_drb

BUNDLED WITH
   2.6.5
